GIT
  remote: http://github.com/sanger/lims-warehousebuilder.git
  revision: 94c59e502b348f739b42566238d2b78435918450
  branch: development
  specs:
    lims-warehousebuilder (1.5.0)
      aequitas
      amqp
      facets
      mysql2
      rake
      sequel
      virtus

GIT
  remote: http://github.com/sanger/psd_logger.git
  revision: dd2d634114df75b1d8535715c169a7fc99521389
  specs:
    psd_logger (0.1.6)

GIT
  remote: http://github.com/sinatra/sinatra.git
  revision: 459369eb66224836f72e21bbece58c007f3422fa
  branch: 459369eb66224836f72e21bbece58c007f3422fa
  specs:
    sinatra (1.4.0)
      rack (~> 1.4)
      rack-protection (~> 1.3)
      tilt (~> 1.3, >= 1.3.3)

PATH
  remote: .
  specs:
    lims-history-app (0.3.0)
      bunny (= 0.9.0.pre10)
      facets

GEM
  remote: http://rubygems.org/
  specs:
    activesupport (4.0.2)
      i18n (~> 0.6, >= 0.6.4)
      minitest (~> 4.2)
      multi_json (~> 1.3)
      thread_safe (~> 0.1)
      tzinfo (~> 0.3.37)
    aequitas (0.0.2)
    amq-protocol (1.9.0)
    amqp (1.1.7)
      amq-protocol (>= 1.9.0)
      eventmachine
    atomic (1.1.14)
    axiom-types (0.0.5)
      descendants_tracker (~> 0.0.1)
      ice_nine (~> 0.9)
    bond (0.4.3)
    bunny (0.9.0.pre10)
      amq-protocol (>= 1.4.0)
    coercible (1.0.0)
      descendants_tracker (~> 0.0.1)
    columnize (0.3.6)
    debugger (1.6.3)
      columnize (>= 0.3.1)
      debugger-linecache (~> 1.2.0)
      debugger-ruby_core_source (~> 1.2.4)
    debugger-completion (1.0.0)
      bond (>= 0.4.2)
      debugger (~> 1.1)
    debugger-linecache (1.2.0)
    debugger-ruby_core_source (1.2.4)
    descendants_tracker (0.0.3)
    diff-lcs (1.1.3)
    equalizer (0.0.8)
    eventmachine (1.0.3)
    facets (2.9.3)
    github-markup (0.7.5)
    hashdiff (0.1.1)
    i18n (0.6.9)
    ice_nine (0.10.0)
    json (1.8.1)
    mime-types (2.0)
    minitest (4.7.5)
    multi_json (1.8.2)
    mysql2 (0.3.14)
    oj (2.4.0)
    rabl (0.9.3)
      activesupport (>= 2.3.14)
    rack (1.5.2)
    rack-protection (1.5.1)
      rack
    rack-test (0.6.2)
      rack (>= 1.0)
    rake (0.9.6)
    rest-client (1.6.7)
      mime-types (>= 1.16)
    rspec (2.8.0)
      rspec-core (~> 2.8.0)
      rspec-expectations (~> 2.8.0)
      rspec-mocks (~> 2.8.0)
    rspec-core (2.8.0)
    rspec-expectations (2.8.0)
      diff-lcs (~> 1.1.2)
    rspec-mocks (2.8.0)
    sequel (4.5.0)
    shotgun (0.9)
      rack (>= 1.0)
    sqlite3 (1.3.8)
    thread_safe (0.1.3)
      atomic
    tilt (1.4.1)
    timecop (0.7.0)
    tzinfo (0.3.38)
    virtus (1.0.1)
      axiom-types (~> 0.0.5)
      coercible (~> 1.0)
      descendants_tracker (~> 0.0.1)
      equalizer (~> 0.0.7)
    yard (0.8.7.3)
    yard-rspec (0.1)
      yard

PLATFORMS
  ruby

DEPENDENCIES
  activesupport (~> 3.0.0)
  debugger
  debugger-completion
  github-markup (~> 0.7.1)
  hashdiff
  jdbc-mysql
  jdbc-sqlite3
  json
  lims-history-app!
  lims-warehousebuilder (~> 1.5.0)!
  mysql2
  oj
  psd_logger!
  rabl
  rack-test (~> 0.6.1)
  rake (~> 0.9.2)
  rest-client
  rspec (~> 2.8.0)
  ruby-debug
  shotgun
  sinatra!
  sqlite3
  timecop
  trinidad
  trinidad_daemon_extension
  yard (>= 0.7.0)
  yard-rspec (= 0.1)
